NUGET
  remote: https://nuget.org/api/v2
  specs:
    FAKE (3.35.1)
    SourceLink.Fake (0.5.0)
